PATH
  remote: .
  specs:
    job_interview (0.1.5)
      faker (~> 0.9.5)

GEM
  remote: http://rubygems.org/
  specs:
    diff-lcs (1.1.3)
    faker (0.9.5)
      i18n (~> 0.4)
    i18n (0.6.4)
    rake (10.0.3)
    rspec (2.9.0)
      rspec-core (~> 2.9.0)
      rspec-expectations (~> 2.9.0)
      rspec-mocks (~> 2.9.0)
    rspec-core (2.9.0)
    rspec-expectations (2.9.1)
      diff-lcs (~> 1.1.3)
    rspec-mocks (2.9.0)

PLATFORMS
  ruby

DEPENDENCIES
  job_interview!
  rake (~> 10.0.3)
  rspec (~> 2.9.0)
